GEM
  remote: https://rubygems.org/
  specs:
    concurrent-ruby (1.0.5)
    rack (2.0.3)
    sprockets (3.7.1)
      concurrent-ruby (~> 1.0)
      rack (> 1, < 3)

PLATFORMS
  ruby

DEPENDENCIES
  rack
  sprockets

RUBY VERSION
   ruby 2.3.1p112

BUNDLED WITH
   1.15.0
