GEM
  remote: https://rubygems.org/
  specs:
    babel-source (5.8.35)
    babel-transpiler (0.7.0)
      babel-source (>= 4.0, < 6)
      execjs (~> 2.0)
    concurrent-ruby (1.0.5)
    execjs (2.7.0)
    ffi (1.9.18)
    libv8 (5.9.211.38.1)
    mini_racer (0.1.12)
      libv8 (~> 5.9)
    rack (2.0.3)
    rb-fsevent (0.10.2)
    rb-inotify (0.9.10)
      ffi (>= 0.5.0, < 2)
    sass (3.5.1)
      sass-listen (~> 4.0.0)
    sass-listen (4.0.0)
      rb-fsevent (~> 0.9, >= 0.9.4)
      rb-inotify (~> 0.9, >= 0.9.7)
    sprockets (3.7.1)
      concurrent-ruby (~> 1.0)
      rack (> 1, < 3)
    thor (0.19.4)
    torba (1.0.1)
      thor (~> 0.19.1)
    uglifier (3.2.0)
      execjs (>= 0.3.0, < 3)

PLATFORMS
  ruby

DEPENDENCIES
  babel-transpiler
  mini_racer
  rack
  sass
  sprockets
  torba
  uglifier

RUBY VERSION
   ruby 2.3.1p112

BUNDLED WITH
   1.15.0
